GIT
  remote: https://github.com/wycats/abbot-from-scratch.git
  revision: 29dfaa6c3c120847e61f742f74c414e4872cc142
  specs:
    sproutcore (0.0.1)

PATH
  remote: .
  specs:
    rasputin-jui (0.9.0)
      rasputin (~> 0.9)

GEM
  remote: http://rubygems.org/
  specs:
    actionpack (3.1.0)
      activemodel (= 3.1.0)
      activesupport (= 3.1.0)
      builder (~> 3.0.0)
      erubis (~> 2.7.0)
      i18n (~> 0.6)
      rack (~> 1.3.2)
      rack-cache (~> 1.0.3)
      rack-mount (~> 0.8.2)
      rack-test (~> 0.6.1)
      sprockets (~> 2.0.0)
    activemodel (3.1.0)
      activesupport (= 3.1.0)
      bcrypt-ruby (~> 3.0.0)
      builder (~> 3.0.0)
      i18n (~> 0.6)
    activesupport (3.1.0)
      multi_json (~> 1.0)
    bcrypt-ruby (3.0.1)
    builder (3.0.0)
    erubis (2.7.0)
    execjs (1.2.8)
      multi_json (~> 1.0)
    hike (1.2.1)
    i18n (0.6.0)
    multi_json (1.0.3)
    rack (1.3.3)
    rack-cache (1.0.3)
      rack (>= 0.4)
    rack-mount (0.8.3)
      rack (>= 1.0.0)
    rack-ssl (1.3.2)
      rack
    rack-test (0.6.1)
      rack (>= 1.0)
    railties (3.1.0)
      actionpack (= 3.1.0)
      activesupport (= 3.1.0)
      rack-ssl (~> 1.3.2)
      rake (>= 0.8.7)
      rdoc (~> 3.4)
      thor (~> 0.14.6)
    rake (0.9.2)
    rasputin (0.9.1)
      actionpack (~> 3.1.0)
      railties (~> 3.1.0)
      sprockets (~> 2.0.0)
    rdoc (3.9.4)
    sprockets (2.0.0)
      hike (~> 1.2)
      rack (~> 1.0)
      tilt (~> 1.1, != 1.3.0)
    thor (0.14.6)
    tilt (1.3.3)
    uglifier (1.0.3)
      execjs (>= 0.3.0)
      multi_json (>= 1.0.2)

PLATFORMS
  ruby

DEPENDENCIES
  execjs (~> 1.2.6)
  rake
  rasputin-jui!
  sproutcore!
  uglifier (~> 1.0.3)
